GIT
  remote: https://github.com/mojombo/grit.git
  revision: 3fc864f3c637e06e2fa7a81f6b48a5df58a9bc5b
  specs:
    grit (2.4.1)
      diff-lcs (~> 1.1)
      mime-types (~> 1.15)
      posix-spawn (~> 0.3.6)

PATH
  remote: .
  specs:
    gollum (1.3.1)
      github-markup (>= 0.7.0, < 1.0.0)
      grit (~> 2.4.1)
      mustache (>= 0.11.2, < 1.0.0)
      nokogiri (~> 1.4)
      posix-spawn (~> 0.3.0)
      pygments.rb (~> 0.2.0)
      redcarpet
      sanitize (~> 2.0.0)
      sinatra (~> 1.0)

GEM
  remote: http://rubygems.org/
  specs:
    RedCloth (4.2.9)
    blankslate (2.1.2.4)
    builder (3.0.0)
    diff-lcs (1.1.3)
    expression_parser (0.9.0)
    ffi (1.0.11)
    github-markup (0.7.1)
    metaclass (0.0.1)
    mime-types (1.18)
    mocha (0.10.5)
      metaclass (~> 0.0.1)
    mustache (0.99.4)
    nokogiri (1.5.2)
    org-ruby (0.6.0)
      rubypants (>= 0.2.0)
    posix-spawn (0.3.6)
    pygments.rb (0.2.7)
      rubypython (~> 0.5.3)
    rack (1.4.1)
    rack-protection (1.2.0)
      rack
    rack-test (0.6.1)
      rack (>= 1.0)
    rake (0.9.2.2)
    redcarpet (2.1.1)
    rubypants (0.2.0)
    rubypython (0.5.3)
      blankslate (>= 2.1.2.3)
      ffi (~> 1.0.7)
    sanitize (2.0.3)
      nokogiri (>= 1.4.4, < 1.6)
    shoulda (3.0.1)
      shoulda-context (~> 1.0.0)
      shoulda-matchers (~> 1.0.0)
    shoulda-context (1.0.0)
    shoulda-matchers (1.0.0)
    sinatra (1.3.2)
      rack (~> 1.3, >= 1.3.6)
      rack-protection (~> 1.2)
      tilt (~> 1.3, >= 1.3.3)
    tilt (1.3.3)
    wikicloth (0.6.3)
      builder
      expression_parser

PLATFORMS
  ruby

DEPENDENCIES
  RedCloth
  gollum!
  grit!
  mocha
  org-ruby
  rack-test
  rake (~> 0.9.2)
  shoulda
  wikicloth (~> 0.6.3)
