PATH
  remote: .
  specs:
    gollum (3.0.0)
      github-markdown (~> 0.6.5)
      gollum-lib (~> 3.0)
      mustache (>= 0.99.5, < 1.0.0)
      sinatra (~> 1.4, >= 1.4.4)
      useragent (~> 0.10.0)

GEM
  remote: https://rubygems.org/
  specs:
    activesupport (3.2.18)
      i18n (~> 0.6, >= 0.6.4)
      multi_json (~> 1.0)
    ansi (1.4.3)
    builder (3.2.2)
    charlock_holmes (0.7.1)
    diff-lcs (1.2.5)
    github-markdown (0.6.5)
    github-markup (1.1.2)
      posix-spawn (~> 0.3.8)
    gitlab-grit (2.6.6)
      charlock_holmes (~> 0.6)
      diff-lcs (~> 1.1)
      mime-types (~> 1.15)
      posix-spawn (~> 0.3)
    gollum-lib (3.0.0)
      github-markup (~> 1.1.0)
      gitlab-grit (~> 2.6.5)
      nokogiri (~> 1.6.1)
      rouge (~> 1.3.3)
      sanitize (~> 2.1.0)
      stringex (~> 2.5.1)
    hashie (2.1.1)
    i18n (0.6.9)
    json (1.8.1)
    metaclass (0.0.4)
    mime-types (1.25.1)
    mini_portile (0.5.3)
    minitest (4.7.5)
    minitest-reporters (0.14.24)
      ansi
      builder
      minitest (>= 2.12, < 5.0)
      powerbar
    mocha (1.0.0)
      metaclass (~> 0.0.1)
    multi_json (1.10.0)
    mustache (0.99.5)
    nokogiri (1.6.2)
      mini_portile (~> 0.5.2)
    posix-spawn (0.3.8)
    powerbar (1.0.11)
      ansi (~> 1.4.0)
      hashie (>= 1.1.0)
    rack (1.5.2)
    rack-protection (1.5.3)
      rack
    rack-test (0.6.2)
      rack (>= 1.0)
    rake (10.2.2)
    rouge (1.3.4)
    sanitize (2.1.0)
      nokogiri (>= 1.4.4)
    shotgun (0.9)
      rack (>= 1.0)
    shoulda (3.5.0)
      shoulda-context (~> 1.0, >= 1.0.1)
      shoulda-matchers (>= 1.4.1, < 3.0)
    shoulda-context (1.2.1)
    shoulda-matchers (2.6.1)
      activesupport (>= 3.0.0)
    sinatra (1.4.5)
      rack (~> 1.4)
      rack-protection (~> 1.4)
      tilt (~> 1.3, >= 1.3.4)
    stringex (2.5.2)
    thread_safe (0.3.3)
    tilt (1.4.1)
    twitter_cldr (2.4.3)
      json
      tzinfo
    tzinfo (1.1.0)
      thread_safe (~> 0.1)
    useragent (0.10.0)

PLATFORMS
  ruby

DEPENDENCIES
  gollum!
  minitest-reporters (~> 0.14.16)
  mocha (~> 1.0.0)
  rack-test (~> 0.6.2)
  rake (~> 10.2.2)
  shotgun
  shoulda (~> 3.5.0)
  twitter_cldr (~> 2.4.2)
